GEM
  remote: https://rubygems.org/
  specs:
    dandelion (0.3.11)
      grit (>= 2.4.1)
    diff-lcs (1.2.4)
    grit (2.5.0)
      diff-lcs (~> 1.1)
      mime-types (~> 1.15)
      posix-spawn (~> 0.3.6)
    mime-types (1.23)
    posix-spawn (0.3.6)
    rack (1.4.1)

PLATFORMS
  ruby

DEPENDENCIES
  dandelion
  rack
